GEM
  remote: https://rubygems.org/
  specs:
    awesome_print (1.7.0)
    faraday (0.9.2)
      multipart-post (>= 1.2, < 3)
    harvested (3.1.1)
      hashie
      httparty
      json
    hashie (3.4.6)
    httparty (0.14.0)
      multi_xml (>= 0.5.2)
    json (2.0.2)
    logger (1.2.8)
    multi_xml (0.5.5)
    multipart-post (2.0.0)
    oj (2.17.4)
    togglv8 (1.2.1)
      faraday
      logger
      oj

PLATFORMS
  ruby

DEPENDENCIES
  awesome_print
  harvested
  togglv8

BUNDLED WITH
   1.13.1
